PATH
  remote: .
  specs:
    json_builder (3.0.7)
      activesupport (>= 2.0.0)
      tzinfo

GEM
  remote: http://rubygems.org/
  specs:
    activesupport (3.1.3)
      multi_json (~> 1.0)
    i18n (0.5.0)
    multi_json (1.0.4)
    rake (0.9.2.2)
    tzinfo (0.3.30)

PLATFORMS
  ruby

DEPENDENCIES
  i18n
  json_builder!
  rake
