PATH
  remote: .
  specs:
    json_builder (3.0.7)
      activesupport (>= 2.0.0)

GEM
  remote: http://rubygems.org/
  specs:
    activesupport (3.2.1)
      i18n (~> 0.6)
      multi_json (~> 1.0)
    i18n (0.6.0)
    multi_json (1.1.0)
    rake (0.9.2.2)
    tzinfo (0.3.31)

PLATFORMS
  ruby

DEPENDENCIES
  i18n
  json_builder!
  rake
  tzinfo
